PATH
  remote: .
  specs:
    bibtex-ruby (1.3.12)
      latex-decode (>= 0.0.3)

GEM
  remote: http://rubygems.org/
  specs:
    archive-tar-minitar (0.5.2)
    autowatchr (0.1.5)
      watchr
    builder (3.0.0)
    columnize (0.3.4)
    cucumber (0.10.7)
      builder (>= 2.1.2)
      diff-lcs (>= 1.1.2)
      gherkin (~> 2.4.0)
      json (>= 1.4.6)
      term-ansicolor (>= 1.0.5)
    diff-lcs (1.1.2)
    gherkin (2.4.5)
      json (>= 1.4.6)
    gherkin (2.4.5-java)
      json (>= 1.4.6)
    gnuplot (2.3.6)
    json (1.5.3)
    json (1.5.3-java)
    latex-decode (0.0.3)
      unicode (>= 0.4)
    linecache (0.46)
      rbx-require-relative (> 0.0.4)
    linecache19 (0.5.12)
      ruby_core_source (>= 0.1.4)
    mini_shoulda (0.3.0)
      minitest (~> 2.1.0)
    minitest (2.1.0)
    mynyml-redgreen (0.7.1)
      term-ansicolor (>= 1.0.4)
    racc (1.4.6)
    rake (0.9.2)
    rbx-linecache (1.3)
      rbx-require-relative
    rbx-require-relative (0.0.5)
    rbx-trepanning (1.8.7)
      columnize
      diff-lcs
      rbx-linecache (~> 1.2)
      rbx-require-relative (>= 0.0.4)
    rdoc (3.9.1)
    ruby-debug (0.10.4)
      columnize (>= 0.1)
      ruby-debug-base (~> 0.10.4.0)
    ruby-debug-base (0.10.4)
      linecache (>= 0.3)
    ruby-debug-base19 (0.11.25)
      columnize (>= 0.3.1)
      linecache19 (>= 0.5.11)
      ruby_core_source (>= 0.1.4)
    ruby-debug19 (0.11.6)
      columnize (>= 0.3.1)
      linecache19 (>= 0.5.11)
      ruby-debug-base19 (>= 0.11.19)
    ruby-prof (0.10.8)
    ruby_core_source (0.1.5)
      archive-tar-minitar (>= 0.5.2)
    term-ansicolor (1.0.5)
    unicode (0.4.0)
    watchr (0.7)

PLATFORMS
  java
  ruby

DEPENDENCIES
  autowatchr (~> 0.1)
  bibtex-ruby!
  cucumber (~> 0.10)
  gnuplot (~> 2.3)
  json (~> 1.5)
  mini_shoulda (~> 0.3)
  mynyml-redgreen (~> 0.7)
  racc (~> 1.4)
  rake (~> 0.9)
  rbx-trepanning
  rdoc (~> 3.9)
  ruby-debug
  ruby-debug19
  ruby-prof (~> 0.10)
